GEM
  remote: https://rubygems.org/
  specs:
    ac-library-rb (1.2.0)
      prime
    faster_prime (1.0.1)
    forwardable (1.3.3)
    numo-narray (0.9.2.1)
    polars-df (0.6.0-arm64-darwin)
    polars-df (0.6.0-x86_64-linux)
    prime (0.1.2)
      forwardable
      singleton
    rbtree (0.4.6)
    set (1.0.3)
    singleton (0.1.1)
    sorted_set (1.0.3)
      rbtree
      set (~> 1.0)

PLATFORMS
  arm64-darwin-22
  x86_64-linux

DEPENDENCIES
  ac-library-rb
  faster_prime
  numo-narray
  polars-df
  rbtree
  sorted_set

RUBY VERSION
   ruby 3.2.2p53

BUNDLED WITH
   2.4.10
